GIT
  remote: git://github.com/KarateCode/soap4r.git
  revision: b6471df402964b7341a283f482f487ab52621d24
  specs:
    soap4r (1.5.8)
      httpclient (>= 2.1.1)

GIT
  remote: git://github.com/bvandenbos/resque-scheduler
  revision: c9a761f53efe7d6ab0eea3076d31553584dfcc19
  specs:
    resque-scheduler (2.0.0.f)
      redis (>= 2.0.1)
      resque (>= 1.19.0)
      rufus-scheduler

GIT
  remote: git://github.com/dnordberg/actionwebservice.git
  revision: 41c5e2829c2ab7b8dc2bc5d3a41c45e4ddef921f
  specs:
    actionwebservice (3.0.4)
      actionpack (>= 3.0.5)
      activerecord (>= 3.0.5)
      activesupport (>= 3.0.5)

GIT
  remote: git://github.com/documentcloud/jammit.git
  revision: 21f60a9211606eb59f18ff1cb82ad45cae9bbd46
  specs:
    jammit (0.6.3)
      yui-compressor (>= 0.9.3)

GIT
  remote: git://github.com/jmhodges/rchardet.git
  revision: f54c49e6067a3403cadb2329947d3627490b7b39
  specs:
    rchardet (1.3.99)

GIT
  remote: git://github.com/oleander/ruby-yui-compressor.git
  revision: 644218d2bb7a80295317c26b54f071f5090de6b1
  specs:
    yui-compressor (0.9.3)

GIT
  remote: https://github.com/cdavaz/nori.git
  revision: 2be835dae6e1490259c684996c40d11dce98f222
  specs:
    nori (1.0.2)

GEM
  remote: http://rubygems.org/
  specs:
    abstract (1.0.0)
    actionmailer (3.0.7)
      actionpack (= 3.0.7)
      mail (~> 2.2.15)
    actionpack (3.0.7)
      activemodel (= 3.0.7)
      activesupport (= 3.0.7)
      builder (~> 2.1.2)
      erubis (~> 2.6.6)
      i18n (~> 0.5.0)
      rack (~> 1.2.1)
      rack-mount (~> 0.6.14)
      rack-test (~> 0.5.7)
      tzinfo (~> 0.3.23)
    activemodel (3.0.7)
      activesupport (= 3.0.7)
      builder (~> 2.1.2)
      i18n (~> 0.5.0)
    activerecord (3.0.7)
      activemodel (= 3.0.7)
      activesupport (= 3.0.7)
      arel (~> 2.0.2)
      tzinfo (~> 0.3.23)
    activeresource (3.0.7)
      activemodel (= 3.0.7)
      activesupport (= 3.0.7)
    activesupport (3.0.7)
    addressable (2.2.6)
    archive-tar-minitar (0.5.2)
    arel (2.0.10)
    aws-s3 (0.6.2)
      builder
      mime-types
      xml-simple
    builder (2.1.2)
    chargify_api_ares (0.4.0)
    choices (0.2.4)
      hashie (>= 0.4.0)
    chronic (0.2.3)
      hoe (>= 1.2.1)
    client_side_validations (3.1.3)
    cocaine (0.2.0)
    columnize (0.3.4)
    crack (0.3.1)
    daemon_controller (0.2.5)
    daemons (1.1.4)
    dalli (1.1.3)
    diff-lcs (1.1.3)
    erubis (2.6.6)
      abstract (>= 1.0.0)
    faker (1.0.1)
      i18n (~> 0.4)
    hashie (1.2.0)
    hoe (2.6.2)
      rake (>= 0.8.7)
      rubyforge (>= 2.0.4)
    httpclient (2.2.3)
    i18n (0.5.0)
    jquery-rails (1.0.17)
      railties (~> 3.0)
      thor (~> 0.14)
    json (1.6.1)
    json_pure (1.6.1)
    kgio (2.6.0)
    libxml-ruby (2.2.2)
    linecache19 (0.5.12)
      ruby_core_source (>= 0.1.4)
    machinist (1.0.6)
    mail (2.2.19)
      activesupport (>= 2.3.6)
      i18n (>= 0.4.0)
      mime-types (~> 1.16)
      treetop (~> 1.4.8)
    metaclass (0.0.1)
    mime-types (1.17.2)
    mocha (0.10.0)
      metaclass (~> 0.0.1)
    multi_json (1.0.3)
    mysql2 (0.2.17)
    nifty-generators (0.4.6)
    nokogiri (1.5.0)
    ooor (1.6.5)
      activeresource (>= 2.3.5)
    paperclip (2.4.5)
      activerecord (>= 2.3.0)
      activesupport (>= 2.3.2)
      cocaine (>= 0.0.2)
      mime-types
    polyglot (0.3.3)
    rack (1.2.4)
    rack-mount (0.6.14)
      rack (>= 1.0.0)
    rack-test (0.5.7)
      rack (>= 1.0)
    rails (3.0.7)
      actionmailer (= 3.0.7)
      actionpack (= 3.0.7)
      activerecord (= 3.0.7)
      activeresource (= 3.0.7)
      activesupport (= 3.0.7)
      bundler (~> 1.0)
      railties (= 3.0.7)
    railties (3.0.7)
      actionpack (= 3.0.7)
      activesupport (= 3.0.7)
      rake (>= 0.8.7)
      thor (~> 0.14.4)
    raindrops (0.8.0)
    rake (0.8.7)
    redis (2.2.2)
    redis-namespace (1.0.3)
      redis (< 3.0.0)
    resque (1.19.0)
      multi_json (~> 1.0)
      redis-namespace (~> 1.0.2)
      sinatra (>= 0.9.2)
      vegas (~> 0.1.2)
    rest-client (1.6.7)
      mime-types (>= 1.16)
    rspec (2.7.0)
      rspec-core (~> 2.7.0)
      rspec-expectations (~> 2.7.0)
      rspec-mocks (~> 2.7.0)
    rspec-core (2.7.1)
    rspec-expectations (2.7.0)
      diff-lcs (~> 1.1.2)
    rspec-mocks (2.7.0)
    rspec-rails (2.7.0)
      actionpack (~> 3.0)
      activesupport (~> 3.0)
      railties (~> 3.0)
      rspec (~> 2.7.0)
    ruby-debug-base19 (0.11.25)
      columnize (>= 0.3.1)
      linecache19 (>= 0.5.11)
      ruby_core_source (>= 0.1.4)
    ruby-debug19 (0.11.6)
      columnize (>= 0.3.1)
      linecache19 (>= 0.5.11)
      ruby-debug-base19 (>= 0.11.19)
    ruby_core_source (0.1.5)
      archive-tar-minitar (>= 0.5.2)
    rubyforge (2.0.4)
      json_pure (>= 1.1.7)
    rubyzip (0.9.4)
    rufus-scheduler (2.0.13)
      tzinfo (>= 0.3.23)
    sinatra (1.2.7)
      rack (~> 1.1)
      tilt (>= 1.2.2, < 2.0)
    thor (0.14.6)
    tilt (1.3.3)
    treetop (1.4.10)
      polyglot
      polyglot (>= 0.3.1)
    tzinfo (0.3.31)
    unicorn (4.1.1)
      kgio (~> 2.4)
      rack
      raindrops (~> 0.6)
    vegas (0.1.8)
      rack (>= 1.0.0)
    webmock (1.7.7)
      addressable (~> 2.2, > 2.2.5)
      crack (>= 0.1.7)
    webrat (0.7.3)
      nokogiri (>= 1.2.0)
      rack (>= 1.0)
      rack-test (>= 0.5.3)
    wicked_pdf (0.7.2)
    xml-simple (1.1.1)

PLATFORMS
  ruby

DEPENDENCIES
  actionwebservice!
  aws-s3
  chargify_api_ares (= 0.4.0)
  choices
  chronic (= 0.2.3)
  client_side_validations
  daemon_controller (= 0.2.5)
  daemons
  dalli
  faker
  hoe (~> 2.6.1)
  jammit!
  jquery-rails
  json
  libxml-ruby
  machinist
  mime-types
  mocha
  mysql2 (~> 0.2.7)
  nifty-generators
  nori!
  ooor
  paperclip
  rails (= 3.0.7)
  rake (= 0.8.7)
  rchardet (= 1.3.99)!
  redis
  resque
  resque-scheduler!
  rest-client
  rspec-rails (>= 2.0.1)
  ruby-debug19
  rubyzip
  soap4r!
  thor
  unicorn
  webmock
  webrat
  wicked_pdf
  xml-simple
  yui-compressor!
